GIT
  remote: https://gist.github.com/2a999f37a9441661cfa8.git
  revision: 7f97940b5fa2036ad595a1fb9ba4b3658dab6e2e
  specs:
    omokoro-random (0.0.1)

GEM
  remote: https://rubygems.org/
  specs:
    activesupport (4.1.6)
      i18n (~> 0.6, >= 0.6.9)
      json (~> 1.7, >= 1.7.7)
      minitest (~> 5.1)
      thread_safe (~> 0.1)
      tzinfo (~> 1.1)
    chrono (0.0.4)
      activesupport
    dotenv (1.0.2)
    faraday (0.9.0)
      multipart-post (>= 1.2, < 3)
    faraday_middleware (0.9.1)
      faraday (>= 0.7.4, < 0.10)
    i18n (0.6.11)
    json (1.8.1)
    mem (0.1.5)
    minitest (5.4.2)
    multipart-post (2.0.0)
    rake (10.3.2)
    ruboty (1.0.4)
      activesupport
      bundler
      dotenv
      mem
      slop
    ruboty-alias (0.0.3)
      ruboty
    ruboty-cron (0.0.9)
      activesupport
      chrono
      ruboty (>= 0.2.0)
    ruboty-echo (0.1.0)
      ruboty
    ruboty-google_image (0.0.7)
      faraday
      faraday_middleware
      ruboty
    ruboty-slack (0.1.7)
      ruboty (>= 1.0.4)
      xrc (>= 0.0.6)
    slop (3.6.0)
    thread_safe (0.3.4)
    tzinfo (1.2.2)
      thread_safe (~> 0.1)
    xrc (0.1.4)
      activesupport

PLATFORMS
  ruby

DEPENDENCIES
  omokoro-random!
  rake
  ruboty-alias
  ruboty-cron
  ruboty-echo
  ruboty-google_image
  ruboty-slack
